PATH
  remote: .
  specs:
    builder_quill_content (0.1.2)

GEM
  remote: https://rubygems.org/
  specs:
    rake (12.3.3)

PLATFORMS
  ruby

DEPENDENCIES
  builder_quill_content!
  rake (~> 12.0)

BUNDLED WITH
   2.1.2
